GEM
  remote: https://rubygems.org/
  specs:
    activemodel (4.2.4)
      activesupport (= 4.2.4)
      builder (~> 3.1)
    activerecord (4.2.4)
      activemodel (= 4.2.4)
      activesupport (= 4.2.4)
      arel (~> 6.0)
    activesupport (4.2.4)
      i18n (~> 0.7)
      json (~> 1.7, >= 1.7.7)
      minitest (~> 5.1)
      thread_safe (~> 0.3, >= 0.3.4)
      tzinfo (~> 1.1)
    arel (6.0.3)
    bcrypt (3.1.10)
    builder (3.2.2)
    haml (4.0.7)
      tilt
    i18n (0.7.0)
    json (1.8.3)
    minitest (5.8.2)
    netrc (0.7.9)
    pg (0.18.3)
    rack (1.6.4)
    rake (10.3.2)
    rest_client (1.8.3)
      netrc (~> 0.7.7)
    sinatra (1.1.0)
      rack (~> 1.1)
      tilt (~> 1.1)
    sinatra-activerecord (2.0.9)
      activerecord (>= 3.2)
      sinatra (~> 1.0)
    sinatra-partial (0.4.0)
      sinatra
    thread_safe (0.3.5)
    tilt (1.4.1)
    tzinfo (1.2.2)
      thread_safe (~> 0.1)

PLATFORMS
  ruby

DEPENDENCIES
  activerecord
  bcrypt (~> 3.1, >= 3.1.10)
  haml
  pg
  rake (= 10.3.2)
  rest_client
  sinatra (= 1.1.0)
  sinatra-activerecord
  sinatra-partial

BUNDLED WITH
   1.10.6
